GEM
  remote: https://rubygems.org/
  specs:
    rugged (0.28.1)

PLATFORMS
  ruby

DEPENDENCIES
  rugged

BUNDLED WITH
   1.17.2
