PATH
  remote: .
  specs:
    gitmq (0.1.0)
      rugged

GEM
  remote: https://rubygems.org/
  specs:
    diff-lcs (1.3)
    rake (10.5.0)
    rspec (3.9.0)
      rspec-core (~> 3.9.0)
      rspec-expectations (~> 3.9.0)
      rspec-mocks (~> 3.9.0)
    rspec-core (3.9.0)
      rspec-support (~> 3.9.0)
    rspec-expectations (3.9.0)
      diff-lcs (>= 1.2.0, < 2.0)
      rspec-support (~> 3.9.0)
    rspec-mocks (3.9.0)
      diff-lcs (>= 1.2.0, < 2.0)
      rspec-support (~> 3.9.0)
    rspec-support (3.9.0)
    rugged (0.28.3.1)

PLATFORMS
  ruby

DEPENDENCIES
  bundler (~> 2.0)
  gitmq!
  rake (~> 10.0)
  rspec (~> 3.0)

BUNDLED WITH
   2.0.2
